PATH
  remote: .
  specs:
    transitions (0.0.10)

GEM
  remote: http://rubygems.org/
  specs:
    activemodel (3.0.0)
      activesupport (= 3.0.0)
      builder (~> 2.1.2)
      i18n (~> 0.4.1)
    activerecord (3.0.0)
      activemodel (= 3.0.0)
      activesupport (= 3.0.0)
      arel (~> 1.0.0)
      tzinfo (~> 0.3.23)
    activesupport (3.0.0)
    arel (1.0.1)
      activesupport (~> 3.0.0)
    builder (2.1.2)
    i18n (0.4.1)
    mocha (0.9.8)
      rake
    rake (0.8.7)
    sqlite3-ruby (1.3.1)
    test-unit (2.1.1)
    tzinfo (0.3.23)
    yard (0.7.2)

PLATFORMS
  ruby

DEPENDENCIES
  activerecord (~> 3)
  bundler (~> 1)
  mocha
  sqlite3-ruby
  test-unit (~> 2)
  transitions!
  yard
