PATH
  remote: .
  specs:
    transitions (0.0.12)

GEM
  remote: http://rubygems.org/
  specs:
    activemodel (3.0.0)
      activesupport (= 3.0.0)
      builder (~> 2.1.2)
      i18n (~> 0.4.1)
    activerecord (3.0.0)
      activemodel (= 3.0.0)
      activesupport (= 3.0.0)
      arel (~> 1.0.0)
      tzinfo (~> 0.3.23)
    activesupport (3.0.0)
    archive-tar-minitar (0.5.2)
    arel (1.0.1)
      activesupport (~> 3.0.0)
    builder (2.1.2)
    columnize (0.3.4)
    i18n (0.4.1)
    linecache19 (0.5.12)
      ruby_core_source (>= 0.1.4)
    mocha (0.9.8)
      rake
    rake (0.8.7)
    ruby-debug-base19 (0.11.25)
      columnize (>= 0.3.1)
      linecache19 (>= 0.5.11)
      ruby_core_source (>= 0.1.4)
    ruby-debug19 (0.11.6)
      columnize (>= 0.3.1)
      linecache19 (>= 0.5.11)
      ruby-debug-base19 (>= 0.11.19)
    ruby_core_source (0.1.5)
      archive-tar-minitar (>= 0.5.2)
    sqlite3-ruby (1.3.1)
    test-unit (2.4.1)
    tzinfo (0.3.23)

PLATFORMS
  ruby

DEPENDENCIES
  activerecord (~> 3)
  bundler (~> 1)
  mocha
  ruby-debug19
  sqlite3-ruby
  test-unit (~> 2.2)
  transitions!
